GEM
  remote: https://rubygems.org/
  specs:
    backports (3.6.8)
    mail (2.6.4)
      mime-types (>= 1.16, < 4)
    mime-types (3.1)
      mime-types-data (~> 3.2015)
    mime-types-data (3.2016.0521)
    multi_json (1.12.1)
    pony (1.11)
      mail (>= 2.0)
    rack (1.6.5)
    rack-protection (1.5.3)
      rack
    rack-test (0.6.3)
      rack (>= 1.0)
    sinatra (1.4.8)
      rack (~> 1.5)
      rack-protection (~> 1.4)
      tilt (>= 1.3, < 3)
    sinatra-contrib (1.4.7)
      backports (>= 2.0)
      multi_json
      rack-protection
      rack-test
      sinatra (~> 1.4.0)
      tilt (>= 1.3, < 3)
    sinatra-reloader (1.0)
      sinatra-contrib
    sqlite3 (1.3.13)
    sqlite3 (1.3.13-x64-mingw32)
    tilt (2.0.6)

PLATFORMS
  ruby
  x64-mingw32

DEPENDENCIES
  pony
  sinatra
  sinatra-reloader
  sqlite3

BUNDLED WITH
   1.14.3
